GEM
  remote: https://rubygems.org/
  specs:
    activesupport (4.0.0)
      i18n (~> 0.6, >= 0.6.4)
      minitest (~> 4.2)
      multi_json (~> 1.3)
      thread_safe (~> 0.1)
      tzinfo (~> 0.3.37)
    atomic (1.1.13)
    configru (3.2.0)
    httparty (0.11.0)
      multi_json (~> 1.0)
      multi_xml (>= 0.5.2)
    i18n (0.6.5)
    lastfm (1.20.1)
      activesupport (>= 3.0.3)
      httparty
      xml-simple
    minitest (4.7.5)
    multi_json (1.7.9)
    multi_xml (0.5.5)
    thread_safe (0.1.2)
      atomic
    tzinfo (0.3.37)
    xml-simple (1.1.2)

PLATFORMS
  ruby

DEPENDENCIES
  configru
  lastfm
